PATH
  remote: .
  specs:
    rabbid (0.0.1)
      async_sinatra
      bunny (~> 1.1.8)
      sinatra (~> 1.4.0)
      slim (~> 2.0.2)
      thin

GEM
  remote: https://rubygems.org/
  specs:
    amq-protocol (1.9.2)
    async_sinatra (1.1.0)
      rack (>= 1.4.1)
      sinatra (>= 1.3.2)
    bunny (1.1.8)
      amq-protocol (>= 1.9.2)
    daemons (1.1.9)
    eventmachine (1.0.3)
    rack (1.5.2)
    rack-protection (1.5.2)
      rack
    rake (10.2.1)
    sinatra (1.4.4)
      rack (~> 1.4)
      rack-protection (~> 1.4)
      tilt (~> 1.3, >= 1.3.4)
    slim (2.0.2)
      temple (~> 0.6.6)
      tilt (>= 1.3.3, < 2.1)
    temple (0.6.7)
    thin (1.6.2)
      daemons (>= 1.0.9)
      eventmachine (>= 1.0.0)
      rack (>= 1.0.0)
    tilt (1.4.1)

PLATFORMS
  ruby

DEPENDENCIES
  bundler (~> 1.5)
  rabbid!
  rake
